GEM
  remote: https://rubygems.org/
  specs:
    faraday (0.9.2)
      multipart-post (>= 1.2, < 3)
    god (0.13.7)
    mackerel-client (0.0.8)
      faraday (~> 0.9)
    multipart-post (2.0.0)

PLATFORMS
  ruby

DEPENDENCIES
  god
  mackerel-client

BUNDLED WITH
   1.10.6
